GEM
  remote: https://rubygems.org/
  specs:
    chunky_png (1.3.8)
    image_size (1.5.0)
    rmagick (2.16.0)

PLATFORMS
  ruby

DEPENDENCIES
  chunky_png
  image_size
  rmagick

BUNDLED WITH
   1.15.3
